GEM
  remote: http://rubygems.org/
  specs:
    broach (0.2.1)
      json (~> 1.4)
      nap (~> 0.3)
    json (1.4.6)
    mocha (0.9.10)
      rake
    nap (0.4)
    rake (0.8.7)
    rcov (0.9.9)
    shoulda (2.11.3)

PLATFORMS
  ruby

DEPENDENCIES
  broach (~> 0.2.1)
  mocha (~> 0.9.10)
  rcov (~> 0.9.9)
  shoulda (~> 2.11.3)
